PATH
  remote: .
  specs:
    linkr (0.1.1)
      addressable

GEM
  remote: http://rubygems.org/
  specs:
    addressable (2.2.6)
    fakeweb (1.3.0)
    rake (13.0.1)

PLATFORMS
  ruby

DEPENDENCIES
  bundler (>= 1.0.0)
  fakeweb
  linkr!
  rake
